GEM
  remote: http://rubygems.org/
  specs:
    builder (3.0.0)
    classifier (1.3.3)
      fast-stemmer (>= 1.0.0)
    diff-lcs (1.1.2)
    directory_watcher (1.3.2)
    excon (0.5.6)
    fast-stemmer (1.0.0)
    fog (0.6.0)
      builder
      excon (>= 0.5.5)
      formatador (>= 0.0.16)
      json
      mime-types
      net-ssh (>= 2.0.23)
      nokogiri (>= 1.4.4)
      ruby-hmac
    formatador (0.0.16)
    jekyll (0.10.0)
      classifier (>= 1.3.1)
      directory_watcher (>= 1.1.1)
      liquid (>= 1.9.0)
      maruku (>= 0.5.9)
    json (1.5.1)
    liquid (2.2.2)
    maruku (0.6.0)
      syntax (>= 1.0.0)
    mime-types (1.16)
    net-ssh (2.1.3)
    nokogiri (1.4.4)
    rspec (2.5.0)
      rspec-core (~> 2.5.0)
      rspec-expectations (~> 2.5.0)
      rspec-mocks (~> 2.5.0)
    rspec-core (2.5.1)
    rspec-expectations (2.5.0)
      diff-lcs (~> 1.1.2)
    rspec-mocks (2.5.0)
    ruby-hmac (0.4.0)
    syntax (1.0.0)

PLATFORMS
  ruby

DEPENDENCIES
  fog
  jekyll
  nokogiri
  rspec
